REDIRECTS: ON
FRAMEWORK: NET46
NUGET
  remote: https://nuget.org/api/v2
  specs:
    FAKE (4.0.1)
    FSharp.Configuration (0.5.3)
    Microsoft.Data.Edm (5.6.4) - framework: net46
    Microsoft.Data.OData (5.6.4) - framework: winv4.5, wpv8.0, >= net40, net46
      Microsoft.Data.Edm (5.6.4)
      System.Spatial (5.6.4)
    Microsoft.Data.Services.Client (5.6.4) - framework: >= net40, net46
      Microsoft.Data.OData (5.6.4)
    Microsoft.WindowsAzure.ConfigurationManager (3.1.0) - framework: >= net40, net46
    Newtonsoft.Json (7.0.1) - framework: wpv8.0, >= net40, net46
    NLog (4.0.1) - framework: net46
    NLog.Config (4.0.1)
      NLog (>= 4.0.1)
      NLog.Schema (>= 4.0.1)
    NLog.FSharp (3.2.1)
      NLog (>= 3.2.1)
    NLog.Schema (4.0.1) - framework: net46
    System.Spatial (5.6.4) - framework: net46
    WindowsAzure.Storage (4.3.0)
      Microsoft.Data.OData (>= 5.6.2) - framework: winv4.5, wpv8.1, wpv8.0, >= net40
      Microsoft.Data.Services.Client (>= 5.6.2) - framework: >= net40
      Microsoft.WindowsAzure.ConfigurationManager (>= 1.8.0.0) - framework: >= net40
      Newtonsoft.Json (>= 5.0.8) - framework: wpv8.0, >= net40
